
type = string-attribute
name = HISTORY_NOTE
count = 181
'[isjoo@fornix.sri.utoronto.ca: Tue Sep 12 16:53:22 2017] 2dImReg -input E26_CO2_afni/EPI_Image.nii -base 5 -prefix E26_CO2_afni/EPI_2dImReg -dprefix E26_CO2_afni/EPI_2dImReg_params~

type = string-attribute
name = TYPESTRING
count = 15
'3DIM_HEAD_ANAT~

type = string-attribute
name = IDCODE_STRING
count = 27
'XYZ_Rc-ZTZp6p318_3vZEhQQ1A~

type = string-attribute
name = IDCODE_DATE
count = 25
'Tue Sep 12 16:53:22 2017~

type = integer-attribute
name = SCENE_DATA
count = 8
 2 2 0 -999 -999
 -999 -999 -999

type = string-attribute
name = LABEL_1
count = 25
'E26_CO2_afni/EPI_2dImReg~

type = string-attribute
name = LABEL_2
count = 5
'zyxt~

type = string-attribute
name = DATASET_NAME
count = 5
'zyxt~

type = integer-attribute
name = ORIENT_SPECIFIC
count = 3
 1 2 4

type  = float-attribute
name  = ORIGIN
count = 3
             -0             -0              0

type  = float-attribute
name  = DELTA
count = 3
             -1             -1              1

type  = float-attribute
name  = IJK_TO_DICOM
count = 12
             -1              0              0              0              0
             -1              0              0              0              0
              1              0

type  = float-attribute
name  = IJK_TO_DICOM_REAL
count = 12
             -1              0              0             -0              0
             -1              0             -0              0              0
              1              0

type  = float-attribute
name  = BRICK_STATS
count = 1152
              2           8185              1           6239              2
           6003              2           5788              7           5864
              3           5876              6           5800              3
           5832              2           5760              5           5778
              4           5769              1           5755              1
           5732              5           5718              3           5798
              4           5773              5           5614              6
           5626              3           5689              4           5657
              5           5642              3           5649              1
           5623              3           5669              2           5478
              5           5564              2           5642              7
           5638              6           5497              1           5743
              2           5483              3           5679              4
           5536              2           5586              5           5657
              1           5726              5           5516              3
           5547              6           5468              1           5456
              7           5422              8           5585              8
           5447              3           5590              6           5488
              4           5613              4           5428              4
           5506              5           5427              4           5466
              2           5411              3           5535              3
           5377              5           5574              1           5429
              3           5524              2           5423              5
           5558              5           5420              5           5460
              3           5449              3           5467              3
           5334              2           5426              7           5312
              6           5445              6           5355              5
           5407              7           5401              6           5387
              5           5385              4           5470              1
           5298              4           5514              5           5512
              3           5457              6           5263              1
           5459              1           5314              3           5306
              4           5361              3           5451              2
           5316              2           5478              1           5313
              1           5495              3           5410              4
           5333              8           5310              5           5362
              6           5345              1           5347              5
           5287              6           5426              1           5371
              3           5413              7           5404              5
           5410              1           5371              5           5358
              5           5356              3           5483              7
           5368              5           5415              2           5355
              4           5438              1           5387              1
           5359              0           5371              5           5389
              5           5375              0           5409              6
           5336              2           5354              6           5451
              4           5334              9           5404              0
           5306              4           5248              4           5390
              5           5303              4           5352              4
           5275              2           5357              4           5211
              7           5342              4           5386              9
           5364              3           5260              6           5258
              3           5303              2           5287              5
           5390              6           5278              2           5200
              3           5268              2           5197              0
           5298              9           5184              3           5242
              1           5259              1           5259              3
           5164              9           5294              2           5206
              8           5254              2           5128              3
           5239              3           5260              4           5292
              9           5206              6           5180              5
           5201              5           5208              2           5215
              5           5243              2           5179              0
           5299              4           5172              4           5191
              5           5270              3           5154              5
           5221              4           5221              6           5202
              5           5291              7           5302              6
           5259              3           5142              1           5287
              3           5103              4           5297              4
           5162              7           5285              3           5155
              1           5271              3           5083              2
           5368              1           5135              2           5276
              0           5186              4           5190              4
           5154              5           5260              1           5215
              2           5398              3           5136              9
           5344              0           5125              2           5268
              1           5177              9           5301              2
           5198              4           5218              0           5178
              4           5261              1           5187              4
           5276              3           5160              2           5246
              4           5101              4           5339              5
           5228              2           5272              1           5179
              2           5398              2           5290              5
           5405              1           5224              1           5438
              2           5262              3           5339              5
           5227              3           5366              5           5186
              5           5284              9           5158              4
           5367              4           5152              4           5387
              2           5214              5           5346              2
           5177              3           5274              3           5052
              2           5303              6           5167              4
           5275              3           5212              3           5333
              3           5206              1           5253              2
           5123              4           5270              2           5075
              8           5331              2           5071              2
           5210              1           5079              1           5286
              6           5145              6           5201              1
           5027              0           5230              7           5097
              3           5209              4           5159              3
           5089              2           5120              5           5181
              1           5085              1           5092              4
           5017              4           5234              6           5095
              5           5147              2           5174              5
           5129              4           5142              3           5138
              2           5105              2           5199              6
           4968              5           5074              5           5065
              7           5139              3           5066              5
           5138              3           5069              4           5125
              6           5058              0           5135              2
           4955              5           5073              4           5013
              5           5177              2           5095              4
           5267              7           5121              7           5164
              2           5022              5           5064              6
           5060              7           5254              8           5028
              3           5069              0           4989              6
           5195              1           4996              1           5164
              8           5059              4           5118              6
           4997              4           5245              4           5084
              4           5115              2           5063              5
           5195              2           5127              0           5125
              6           5042              3           5159              4
           4952              2           5227              4           5070
              2           5215              9           5042              3
           5231              4           4999              3           5177
              2           4994              4           5062              8
           5017              5           5204              3           5035
              4           5130              2           4995              4
           5194              4           5025              0           5204
              7           5104              1           5125              2
           5006              5           5261             10           4984
              5           5101              5           5005              0
           5188              7           5055              3           5100
              4           5032              5           5137              6
           5111              3           5069              3           4996
              1           5100              7           5102              3
           5138             10           4951              4           5057
              3           5061              5           5151              6
           4954              7           5061              3           4944
              1           5082              2           5084              3
           5163              4           4937              0           5170
              5           5049              1           5089              6
           5034              6           5073              3           4967
              8           5078              3           4943              5
           5083              0           4981              2           5103
              4           4943              6           5083              5
           5021              1           5083              2           5039
              1           5118              6           4914              5
           5069              4           5052              2           5079
              7           5036              3           5083              4
           4968              6           5038             11           4981
              5           5085              6           4933              5
           5156              3           4982              1           5088
              5           5058              9           5027              6
           5086              2           5191              1           5099
              5           5227              5           4978              5
           5117              2           5006              3           5085
              4           5002              4           5105              6
           5080              2           5133              3           5013
              7           5137              1           4973              4
           5164              8           5075              5           5186
              5           4981              6           5054              2
           5010              8           5167              3           5020
              2           5090              4           5018              3
           5095              9           5017              8           5133
              6           5042              3           5030              3
           5042              1           5195              2           5011
              0           5206              6           5065              3
           5134              4           4918              3           5109
              1           5049              3           5043              2
           5065              2           5201              6           5070
              2           5102              4           5040              7
           5164              6           4952              0           5140
              5           5136              1           5112              3
           5087              5           5068              5           4907
              2           5133              4           5141              5
           5126              1           4972              4           5202
              3           5074              5           5146              2
           4994              1           5148              4           4975
              7           5205              1           4974              7
           5064              9           5002              3           5131
              2           4985              4           5132              3
           4974              4           5189              1           5034
              3           5123              2           4971              2
           5156              8           5051              2           5254
              4           5071              2           5099              7
           4989              6           5167              2           5114
              3           5123              3           5014              5
           5215              2           4984              4           5118
              1           5023              1           5269              7
           5061              3           5189              3           5059
              4           5147              3           5068              1
           5201              5           5050              3           5067
              5           5066              3           5050             10
           5089              3           5099              3           4870
              1           5016              2           4910              2
           5033              5           5031              3           5067
              6           5109              0           5013              3
           4893              5           5004              6           4890
              7           5017              3           4936              1
           5024              4           4909              0           5084
              5           4881              2           5040              2
           4861              2           5001              2           4880
              5           5009              1           4999              4
           5023              3           5032              1           5018
              5           4920              1           5175              6
           4900              2           5110              2           4962
              6           5101              6           4901              4
           5108              1           4934              2           5138
              2           5036             10           5169              2
           4912              3           5130              7           4980
              6           5083              4           5021              4
           5125              1           4961              5           4983
              1           4967              1           5087              4
           4980              4           5058              6           4897
              3           5066              3           4968              6
           5023              5           4866              3           4980
              1           4942              1           4994              3
           5020              6           5045              5           4912
              2           5064              2           4972              4
           5060              8           4976              3           5033
              5           4928              2           5059              6
           5060              1           5043              1           4954
              2           5056              3           5004              5
           5013              0           5087              1           5050
              3           4992              1           5062              3
           4938              1           5061              1           4979
              2           5030              5           4958              3
           5108              3           5047              7           5019
              4           4978              2           5018              2
           4854              3           5037              2           4993
              7           5043

type = integer-attribute
name = TAXIS_NUMS
count = 8
 576 0 77002 -999 -999
 -999 -999 -999

type  = float-attribute
name  = TAXIS_FLOATS
count = 8
              0              1              0              0              0
        -999999        -999999        -999999

type = integer-attribute
name = DATASET_RANK
count = 8
 3 576 0 0 0
 0 0 0

type = integer-attribute
name = DATASET_DIMENSIONS
count = 5
 64 64 1 0 0

type = integer-attribute
name = BRICK_TYPES
count = 576
 1 1 1 1 1
 1 1 1 1 1
 1 1 1 1 1
 1 1 1 1 1
 1 1 1 1 1
 1 1 1 1 1
 1 1 1 1 1
 1 1 1 1 1
 1 1 1 1 1
 1 1 1 1 1
 1 1 1 1 1
 1 1 1 1 1
 1 1 1 1 1
 1 1 1 1 1
 1 1 1 1 1
 1 1 1 1 1
 1 1 1 1 1
 1 1 1 1 1
 1 1 1 1 1
 1 1 1 1 1
 1 1 1 1 1
 1 1 1 1 1
 1 1 1 1 1
 1 1 1 1 1
 1 1 1 1 1
 1 1 1 1 1
 1 1 1 1 1
 1 1 1 1 1
 1 1 1 1 1
 1 1 1 1 1
 1 1 1 1 1
 1 1 1 1 1
 1 1 1 1 1
 1 1 1 1 1
 1 1 1 1 1
 1 1 1 1 1
 1 1 1 1 1
 1 1 1 1 1
 1 1 1 1 1
 1 1 1 1 1
 1 1 1 1 1
 1 1 1 1 1
 1 1 1 1 1
 1 1 1 1 1
 1 1 1 1 1
 1 1 1 1 1
 1 1 1 1 1
 1 1 1 1 1
 1 1 1 1 1
 1 1 1 1 1
 1 1 1 1 1
 1 1 1 1 1
 1 1 1 1 1
 1 1 1 1 1
 1 1 1 1 1
 1 1 1 1 1
 1 1 1 1 1
 1 1 1 1 1
 1 1 1 1 1
 1 1 1 1 1
 1 1 1 1 1
 1 1 1 1 1
 1 1 1 1 1
 1 1 1 1 1
 1 1 1 1 1
 1 1 1 1 1
 1 1 1 1 1
 1 1 1 1 1
 1 1 1 1 1
 1 1 1 1 1
 1 1 1 1 1
 1 1 1 1 1
 1 1 1 1 1
 1 1 1 1 1
 1 1 1 1 1
 1 1 1 1 1
 1 1 1 1 1
 1 1 1 1 1
 1 1 1 1 1
 1 1 1 1 1
 1 1 1 1 1
 1 1 1 1 1
 1 1 1 1 1
 1 1 1 1 1
 1 1 1 1 1
 1 1 1 1 1
 1 1 1 1 1
 1 1 1 1 1
 1 1 1 1 1
 1 1 1 1 1
 1 1 1 1 1
 1 1 1 1 1
 1 1 1 1 1
 1 1 1 1 1
 1 1 1 1 1
 1 1 1 1 1
 1 1 1 1 1
 1 1 1 1 1
 1 1 1 1 1
 1 1 1 1 1
 1 1 1 1 1
 1 1 1 1 1
 1 1 1 1 1
 1 1 1 1 1
 1 1 1 1 1
 1 1 1 1 1
 1 1 1 1 1
 1 1 1 1 1
 1 1 1 1 1
 1 1 1 1 1
 1 1 1 1 1
 1 1 1 1 1
 1 1 1 1 1
 1 1 1 1 1
 1 1 1 1 1
 1

type  = float-attribute
name  = BRICK_FLOAT_FACS
count = 576
              0              0              0              0              0
              0              0              0              0              0
              0              0              0              0              0
              0              0              0              0              0
              0              0              0              0              0
              0              0              0              0              0
              0              0              0              0              0
              0              0              0              0              0
              0              0              0              0              0
              0              0              0              0              0
              0              0              0              0              0
              0              0              0              0              0
              0              0              0              0              0
              0              0              0              0              0
              0              0              0              0              0
              0              0              0              0              0
              0              0              0              0              0
              0              0              0              0              0
              0              0              0              0              0
              0              0              0              0              0
              0              0              0              0              0
              0              0              0              0              0
              0              0              0              0              0
              0              0              0              0              0
              0              0              0              0              0
              0              0              0              0              0
              0              0              0              0              0
              0              0              0              0              0
              0              0              0              0              0
              0              0              0              0              0
              0              0              0              0              0
              0              0              0              0              0
              0              0              0              0              0
              0              0              0              0              0
              0              0              0              0              0
              0              0              0              0              0
              0              0              0              0              0
              0              0              0              0              0
              0              0              0              0              0
              0              0              0              0              0
              0              0              0              0              0
              0              0              0              0              0
              0              0              0              0              0
              0              0              0              0              0
              0              0              0              0              0
              0              0              0              0              0
              0              0              0              0              0
              0              0              0              0              0
              0              0              0              0              0
              0              0              0              0              0
              0              0              0              0              0
              0              0              0              0              0
              0              0              0              0              0
              0              0              0              0              0
              0              0              0              0              0
              0              0              0              0              0
              0              0              0              0              0
              0              0              0              0              0
              0              0              0              0              0
              0              0              0              0              0
              0              0              0              0              0
              0              0              0              0              0
              0              0              0              0              0
              0              0              0              0              0
              0              0              0              0              0
              0              0              0              0              0
              0              0              0              0              0
              0              0              0              0              0
              0              0              0              0              0
              0              0              0              0              0
              0              0              0              0              0
              0              0              0              0              0
              0              0              0              0              0
              0              0              0              0              0
              0              0              0              0              0
              0              0              0              0              0
              0              0              0              0              0
              0              0              0              0              0
              0              0              0              0              0
              0              0              0              0              0
              0              0              0              0              0
              0              0              0              0              0
              0              0              0              0              0
              0              0              0              0              0
              0              0              0              0              0
              0              0              0              0              0
              0              0              0              0              0
              0              0              0              0              0
              0              0              0              0              0
              0              0              0              0              0
              0              0              0              0              0
              0              0              0              0              0
              0              0              0              0              0
              0              0              0              0              0
              0              0              0              0              0
              0              0              0              0              0
              0              0              0              0              0
              0              0              0              0              0
              0              0              0              0              0
              0              0              0              0              0
              0              0              0              0              0
              0              0              0              0              0
              0              0              0              0              0
              0              0              0              0              0
              0              0              0              0              0
              0              0              0              0              0
              0              0              0              0              0
              0              0              0              0              0
              0              0              0              0              0
              0              0              0              0              0
              0              0              0              0              0
              0              0              0              0              0
              0              0              0              0              0
              0              0              0              0              0
              0              0              0              0              0
              0

type = string-attribute
name = TEMPLATE_SPACE
count = 4
'MNI~

type = integer-attribute
name = INT_CMAP
count = 1
 0

type = string-attribute
name = BYTEORDER_STRING
count = 10
'LSB_FIRST~
